GEM
  remote: https://rubygems.org/
  specs:
    coderay (1.1.3)
    icalendar (2.7.1)
      ice_cube (~> 0.16)
    ice_cube (0.16.3)
    method_source (1.0.0)
    mini_portile2 (2.8.0)
    nokogiri (1.13.4)
      mini_portile2 (~> 2.8.0)
      racc (~> 1.4)
    pry (0.14.0)
      coderay (~> 1.1)
      method_source (~> 1.0)
    racc (1.6.0)

PLATFORMS
  ruby

DEPENDENCIES
  icalendar
  nokogiri
  pry

BUNDLED WITH
   1.16.5
